GEM
  remote: https://rubygems.org/
  specs:
    mime-types (1.25)

PLATFORMS
  ruby

DEPENDENCIES
  mime-types (~> 1.25)
